GEM
  remote: https://rubygems.org/
  specs:
    dotenv (2.0.2)
    json (1.8.1)
    rake (10.4.2)

PLATFORMS
  ruby

DEPENDENCIES
  dotenv
  json
  rake

BUNDLED WITH
   1.10.6
